PATH
  remote: .
  specs:
    barcode (0.1.0)

GEM
  remote: https://rubygems.org/
  specs:
    rake (12.3.2)
    rake-compiler (1.0.7)
      rake

PLATFORMS
  ruby

DEPENDENCIES
  barcode!
  rake-compiler (~> 1.0)

BUNDLED WITH
   1.16.6
